PATH
  remote: .
  specs:
    wiresnark-iip (0.0.3)
      ffi
      nokogiri

GEM
  remote: https://rubygems.org/
  specs:
    ffi (1.11.1)
    mini_portile2 (2.8.1)
    minitest (4.7.2)
    nokogiri (1.14.3)
      mini_portile2 (~> 2.8.0)
      racc (~> 1.4)
    racc (1.6.2)

PLATFORMS
  ruby

DEPENDENCIES
  minitest (~> 4.0)
  wiresnark-iip!
