PATH
  remote: .
  specs:
    wiresnark-iip (0.0.0)
      ffi
      nokogiri

GEM
  remote: http://rubygems.org/
  specs:
    ffi (1.0.11)
    minitest (3.1.0)
    nokogiri (1.5.5)

PLATFORMS
  ruby

DEPENDENCIES
  bundler
  minitest (>= 2.12)
  wiresnark-iip!
