PATH
  remote: .
  specs:
    wiresnark-iip (0.0.3)
      ffi
      nokogiri

GEM
  remote: http://rubygems.org/
  specs:
    ffi (1.1.5)
    minitest (3.4.0)
    nokogiri (1.5.5)

PLATFORMS
  ruby

DEPENDENCIES
  bundler
  minitest (~> 3.0)
  wiresnark-iip!
