PATH
  remote: .
  specs:
    wiresnark-iip (0.0.0)
      ffi
      nokogiri
      pcaprub

GEM
  remote: http://rubygems.org/
  specs:
    ffi (1.0.11)
    minitest (2.12.1)
    nokogiri (1.5.2)
    pcaprub (0.11.2)

PLATFORMS
  ruby

DEPENDENCIES
  bundler
  minitest (>= 2.11.1)
  wiresnark-iip!
