PATH
  remote: .
  specs:
    wiresnark-iip (0.0.3)
      ffi
      nokogiri

GEM
  remote: http://rubygems.org/
  specs:
    ffi (1.1.5)
    listen (0.5.3)
    minitest (3.5.0)
    nokogiri (1.5.5)
    rb-inotify (0.8.8)
      ffi (>= 0.5.0)
    rerun (0.7.1)
      listen

PLATFORMS
  ruby

DEPENDENCIES
  bundler
  minitest (~> 3.0)
  rb-inotify
  rerun
  wiresnark-iip!
