PATH
  remote: .
  specs:
    wiresnark-iip (0.0.3)
      ffi
      nokogiri

GEM
  remote: https://rubygems.org/
  specs:
    ffi (1.11.1)
    mini_portile2 (2.4.0)
    minitest (4.7.2)
    nokogiri (1.10.8)
      mini_portile2 (~> 2.4.0)

PLATFORMS
  ruby

DEPENDENCIES
  minitest (~> 4.0)
  wiresnark-iip!
