PATH
  remote: .
  specs:
    wiresnark-iip (0.0.3)
      ffi
      nokogiri

GEM
  remote: https://rubygems.org/
  specs:
    ffi (1.6.0)
    minitest (4.7.0)
    nokogiri (1.5.9)

PLATFORMS
  ruby

DEPENDENCIES
  minitest (~> 4.0)
  wiresnark-iip!
