PATH
  remote: .
  specs:
    wiresnark-iip (0.0.0)
      ffi
      nokogiri

GEM
  remote: http://rubygems.org/
  specs:
    ffi (1.0.11)
    minitest (2.12.1)
    nokogiri (1.5.2)
    rake (0.9.2.2)
    rake-compiler (0.8.1)
      rake

PLATFORMS
  ruby

DEPENDENCIES
  bundler
  minitest (>= 2.12)
  rake-compiler
  wiresnark-iip!
