PATH
  remote: .
  specs:
    wiresnark-iip (0.0.3)
      ffi
      nokogiri

GEM
  remote: https://rubygems.org/
  specs:
    ffi (1.2.0)
    minitest (4.3.3)
    nokogiri (1.5.6)

PLATFORMS
  ruby

DEPENDENCIES
  minitest (~> 4.0)
  wiresnark-iip!
